PATH
  remote: .
  specs:
    dexcom_share_api (0.1.0)

GEM
  remote: https://rubygems.org/
  specs:
    addressable (2.8.6)
      public_suffix (>= 2.0.2, < 6.0)
    bigdecimal (3.1.6)
    byebug (11.1.3)
    coderay (1.1.3)
    crack (1.0.0)
      bigdecimal
      rexml
    hashdiff (1.1.0)
    method_source (1.0.0)
    minitest (5.22.2)
    pry (0.14.1)
      coderay (~> 1.1)
      method_source (~> 1.0)
    pry-byebug (3.10.1)
      byebug (~> 11.0)
      pry (>= 0.13, < 0.15)
    public_suffix (5.0.4)
    rake (10.5.0)
    rexml (3.2.6)
    vcr (6.2.0)
    webmock (3.23.0)
      addressable (>= 2.8.0)
      crack (>= 0.3.2)
      hashdiff (>= 0.4.0, < 2.0.0)

PLATFORMS
  arm64-darwin-21
  arm64-darwin-23

DEPENDENCIES
  bundler
  dexcom_share_api!
  minitest (~> 5.0)
  pry-byebug
  rake (~> 10.0)
  vcr
  webmock

BUNDLED WITH
   2.4.6
